GEM
  remote: https://rubygems.org/
  specs:
    holidays (5.1.0)

PLATFORMS
  ruby

DEPENDENCIES
  holidays

BUNDLED WITH
   1.12.3
